GEM
  remote: https://rubygems.org/
  specs:
    heatmap (0.1.1)
    sequel (4.45.0)
    sqlite3 (1.3.13)

PLATFORMS
  ruby

DEPENDENCIES
  heatmap
  sequel
  sqlite3

BUNDLED WITH
   1.13.7
